GEM
  remote: https://rubygems.org/
  specs:
    power_assert (1.2.0)
    test-unit (3.3.6)
      power_assert

PLATFORMS
  x64-mingw32

DEPENDENCIES
  test-unit

BUNDLED WITH
   1.13.6
